GIT
  remote: https://github.com/mattvanhorn/toto.git
  revision: 18ff2cbd69d8749d538f7a3ca6998c4c3eb892a8
  ref: 18ff2cbd
  specs:
    toto (0.4.9)
      builder
      rack
      rdiscount

GEM
  remote: http://rubygems.org/
  specs:
    builder (3.2.2)
    puma (2.13.4)
    rack (1.6.4)
    rake (10.4.2)
    rdiscount (2.1.8)

PLATFORMS
  ruby

DEPENDENCIES
  builder
  puma
  rake
  rdiscount
  toto!

BUNDLED WITH
   1.10.5
